GEM
  remote: http://rubygems.org/
  specs:
    indifferent-variable-hash (0.1.0)
    jadof (0.1.6)
      indifferent-variable-hash (>= 0.1.0)
    rack (1.4.0)
    rack-protection (1.2.0)
      rack
    sinatra (1.3.2)
      rack (~> 1.3, >= 1.3.6)
      rack-protection (~> 1.2)
      tilt (~> 1.3, >= 1.3.3)
    tilt (1.3.3)

PLATFORMS
  ruby

DEPENDENCIES
  jadof
  sinatra
